NUGET
  remote: https://www.nuget.org/api/v2
    FAKE (4.41.1)
    FSharp.Charting (0.90.13) - framework: >= net452
    FSharp.Core (3.1.2.5) - framework: >= net452
    FSharp.Data (2.3)
      Zlib.Portable (>= 1.11) - framework: >= netstandard11, portable-net45+sl5+win8, portable-net45+win8, portable-net45+win8+wp8+wpa81
    FsUnit (2.1) - framework: >= net452
      FSharp.Core (>= 3.1.2.5)
      NUnit (3.2)
    NUnit (3.2) - framework: >= net452
    Suave (1.1.2) - framework: >= net452
      FSharp.Core (>= 3.1.2.5)
    Zlib.Portable (1.11) - framework: >= net452, >= netstandard11, portable-net45+sl5+win8, portable-net45+win8, portable-net45+win8+wp8+wpa81
